PATH
  remote: .
  specs:
    p4p_rankings (0.1.0)

GEM
  remote: https://rubygems.org/
  specs:
    coderay (1.1.2)
    method_source (0.9.2)
    mini_portile2 (2.4.0)
    nokogiri (1.10.1)
      mini_portile2 (~> 2.4.0)
    pry (0.12.2)
      coderay (~> 1.1.0)
      method_source (~> 0.9.0)
    rake (11.2.2)

PLATFORMS
  ruby

DEPENDENCIES
  nokogiri
  p4p_rankings!
  pry
  rake (~> 11.2, >= 11.2.2)

BUNDLED WITH
   2.0.1
